PATH
  remote: .
  specs:
    rqrcode (0.4.2)

GEM
  remote: http://rubygems.org/
  specs:
    rake (10.0.3)
    rmagick (2.13.1)

PLATFORMS
  ruby

DEPENDENCIES
  bundler (>= 1.0.0)
  rake
  rmagick
  rqrcode!
